PATH
  remote: .
  specs:
    faktura (0.1.3)
      clamp (~> 1.3, >= 1.3.0)
      colorize (~> 0.8.0)
      hexapdf (~> 0.9.0)

GEM
  remote: https://rubygems.org/
  specs:
    clamp (1.3.0)
    cmdparse (3.0.4)
    colorize (0.8.1)
    geom2d (0.2.0)
    hexapdf (0.9.0)
      cmdparse (~> 3.0, >= 3.0.3)
      geom2d (~> 0.2)

PLATFORMS
  ruby

DEPENDENCIES
  faktura!

BUNDLED WITH
   1.16.2
